GEM
  remote: https://rubygems.org/
  specs:
    addressable (2.7.0)
      public_suffix (>= 2.0.2, < 5.0)
    faraday (1.0.0)
      multipart-post (>= 1.2, < 3)
    multipart-post (2.1.1)
    octokit (4.15.0)
      faraday (>= 0.9)
      sawyer (~> 0.8.0, >= 0.5.3)
    public_suffix (4.0.2)
    sawyer (0.8.2)
      addressable (>= 2.3.5)
      faraday (> 0.8, < 2.0)
    trollop (2.9.10)

PLATFORMS
  ruby

DEPENDENCIES
  octokit
  trollop

BUNDLED WITH
   1.16.1
